GEM
  remote: https://rubygems.org/
  specs:
    curb (0.8.8)
    haml (4.0.7)
      tilt
    kgio (2.9.3)
    mina (0.3.7)
      open4 (~> 1.3.4)
      rake
    mina-unicorn (0.3.0)
    mini_portile (0.6.2)
    minitest (5.7.0)
    mysql2 (0.3.18)
    nokogiri (1.6.6.2)
      mini_portile (~> 0.6.0)
    open4 (1.3.4)
    rack (1.6.1)
    rack-protection (1.5.3)
      rack
    raindrops (0.15.0)
    rake (10.4.2)
    sequel (4.23.0)
    sinatra (1.4.6)
      rack (~> 1.4)
      rack-protection (~> 1.4)
      tilt (>= 1.3, < 3)
    sprockets (3.3.2)
      rack (~> 1.0)
    tilt (2.0.1)
    unicorn (4.9.0)
      kgio (~> 2.6)
      rack
      raindrops (~> 0.7)

PLATFORMS
  ruby

DEPENDENCIES
  curb
  haml
  mina
  mina-unicorn
  minitest
  mysql2
  nokogiri
  sequel
  sinatra
  sprockets
  unicorn

BUNDLED WITH
   1.10.6
